GEM
  remote: https://rubygems.org/
  specs:
    concurrent-ruby (1.1.7)
    haml (5.2.2)
      temple (>= 0.8.0)
      tilt
    httpclient (2.8.3)
    i18n (1.8.7)
      concurrent-ruby (~> 1.0)
    mini_portile2 (2.5.3)
    nio4r (2.5.4)
    nokogiri (1.11.1)
      mini_portile2 (~> 2.5.0)
      racc (~> 1.4)
    nokogiri (1.11.1-x86_64-linux)
      racc (~> 1.4)
    puma (5.1.1)
      nio4r (~> 2.0)
    racc (1.5.2)
    rack (2.2.3)
    rack-unreloader (1.7.0)
    roda (3.39.0)
      rack
    temple (0.8.2)
    tilt (2.0.10)

PLATFORMS
  ruby
  x86_64-linux

DEPENDENCIES
  haml
  httpclient
  i18n
  nokogiri
  puma
  rack-unreloader
  roda
  tilt

BUNDLED WITH
   2.2.27
